PATH
  remote: .
  specs:
    reenhanced_bitbucket_api (0.2.0)
      faraday (~> 0.9.0)
      faraday_middleware (~> 0.9.0)
      hashie (>= 3.2)
      multi_json (>= 1.7.5, < 2.0)
      nokogiri (>= 1.5.2)
      simple_oauth (>= 0.3.0)

GEM
  remote: http://rubygems.org/
  specs:
    faraday (0.9.0)
      multipart-post (>= 1.2, < 3)
    faraday_middleware (0.9.1)
      faraday (>= 0.7.4, < 0.10)
    growl (1.0.3)
    growl_notify (0.0.3)
      rb-appscript
    hashie (3.3.1)
    mini_portile (0.6.0)
    multi_json (1.10.1)
    multipart-post (2.0.0)
    nokogiri (1.6.3.1)
      mini_portile (= 0.6.0)
    rake (10.3.2)
    rb-appscript (0.6.1)
    rb-fsevent (0.9.4)
    simple_oauth (0.3.0)

PLATFORMS
  ruby

DEPENDENCIES
  bundler
  growl
  growl_notify
  rake
  rb-fsevent
  reenhanced_bitbucket_api!
